GEM
  specs:
    icalendar (1.2.2)
    nokogiri (1.5.6)
    trollop (2.0)

PLATFORMS
  ruby

DEPENDENCIES
  icalendar
  nokogiri
  trollop
